GEM
  remote: https://rubygems.org/
  specs:
    rake (10.1.1)
    ruby_motion_query (0.5.2)

PLATFORMS
  ruby

DEPENDENCIES
  rake
  ruby_motion_query
