GEM
  remote: https://rubygems.org/
  specs:
    motion-layout (0.0.1)
    motion-redgreen (0.1.0)
    rake (10.1.0)

PLATFORMS
  ruby

DEPENDENCIES
  motion-layout
  motion-redgreen
  rake
